Brain Vision Data Exchange Header File Version 2.0
; Data created from history path: F013/Raw Data/Edit Channels/New Reference/Filters/Filters/OcularCorrection/Segmentation-MF/BaselineCorrection/Artifact Rejection/BC-MF

[Common Infos]
Codepage=UTF-8
DataFile=F013_BC-MF.dat
MarkerFile=F013_BC-MF.vmrk
DataFormat=BINARY
; Data orientation: VECTORIZED=ch1,pt1, ch1,pt2..., MULTIPLEXED=ch1,pt1, ch2,pt1 ...
DataOrientation=MULTIPLEXED
DataType=TIMEDOMAIN
NumberOfChannels=19
DataPoints=66000
; Sampling interval in microseconds if time domain (convert to Hertz:
; 1000000 / SamplingInterval) or in Hertz if frequency domain:
SamplingInterval=1000
SegmentationType=MARKERBASED
SegmentDataPoints=1100

[User Infos]
; Each entry: Prop<Number>=<Type>,<Name>,<Value>,<Value2>,...,<ValueN>
; Property number must be unique. Types can be int, single, string, bool, byte, double, uint
; or arrays of those, indicated int-array etc
; Array types have more than one value, number of values determines size of array.
; Fields are delimited by commas, commas in strings are written \1

[Binary Infos]
BinaryFormat=IEEE_FLOAT_32

[Channel Infos]
; Each entry: Ch<Channel number>=<Name>,<Reference channel name>,
; <Resolution in "Unit">,<Unit>, Future extensions...
; Fields are delimited by commas, some fields might be omitted (empty).
; Commas in channel names are coded as "\1".
Ch1=Fz,FCz,,µV
Ch2=F3,FCz,,µV
Ch3=FC3,FCz,,µV
Ch4=Cz,FCz,,µV
Ch5=C3,FCz,,µV
Ch6=CP3,FCz,,µV
Ch7=TP9,,,µV
Ch8=Pz,FCz,,µV
Ch9=P3,FCz,,µV
Ch10=VEOG,,,µV
Ch11=F4,FCz,,µV
Ch12=FC4,FCz,,µV
Ch13=C4,FCz,,µV
Ch14=CPz,FCz,,µV
Ch15=CP4,FCz,,µV
Ch16=TP10,,,µV
Ch17=P4,FCz,,µV
Ch18=HEOG,,,µV
Ch19=FCz,FCz,,µV

[Channel User Infos]
; Each entry: Prop<Number>=Ch<ChannelNumber>,<Type>,<Name>,<Value>,<Value2>,...,<ValueN>
; Property number must be unique. Types can be int, single, string, bool, byte, double, uint
; or arrays of those, indicated int-array etc
; Array types have more than one value, number of values determines size of array.
; Fields are delimited by commas, commas in strings are written \1
; Properties are assigned to channels using their channel number.

[Coordinates]
; Each entry: Ch<Channel number>=<Radius>,<Theta>,<Phi>
Ch1=1,45,90
Ch2=1,-60,-51
Ch3=1,-49,-29
Ch4=1,0,0
Ch5=1,-45,0
Ch6=1,-49,29
Ch7=1,-113,18
Ch8=1,45,-90
Ch9=1,-60,51
Ch10=0,0,0
Ch11=1,60,51
Ch12=1,49,29
Ch13=1,45,0
Ch14=1,22,-90
Ch15=1,49,-29
Ch16=1,113,-18
Ch17=1,60,-51
Ch18=0,0,0
Ch19=1,23,90
